GEM
  remote: http://rubygems.org/
  specs:
    activemodel (3.2.9)
      activesupport (= 3.2.9)
      builder (~> 3.0.0)
    activerecord (3.2.9)
      activemodel (= 3.2.9)
      activesupport (= 3.2.9)
      arel (~> 3.0.2)
      tzinfo (~> 0.3.29)
    activerecord-jdbc-adapter (1.2.5)
    activerecord-jdbcsqlite3-adapter (1.2.5)
      activerecord-jdbc-adapter (~> 1.2.5)
      jdbc-sqlite3 (~> 3.7.2)
    activesupport (3.2.9)
      i18n (~> 0.6)
      multi_json (~> 1.0)
    amatch (0.2.10)
      tins (~> 0.3)
    arel (3.0.2)
    bouncy-castle-java (1.5.0146.1)
    builder (3.0.4)
    i18n (0.6.1)
    jdbc-sqlite3 (3.7.2)
    jruby-openssl (0.8.2)
      bouncy-castle-java (>= 1.5.0146.1)
    multi_json (1.5.0)
    therubyrhino (2.0.2)
      therubyrhino_jar (>= 1.7.3)
    therubyrhino_jar (1.7.4)
    tins (0.6.0)
    tzinfo (0.3.35)

PLATFORMS
  java
  ruby

DEPENDENCIES
  activerecord
  activerecord-jdbc-adapter
  activerecord-jdbcsqlite3-adapter
  amatch
  jruby-openssl
  sqlite3
  therubyrhino
